PATH
  remote: .
  specs:
    vedis (0.0.1)

GEM
  remote: https://rubygems.org/
  specs:
    rake (10.1.1)
    rake-compiler (0.8.3)
      rake

PLATFORMS
  ruby

DEPENDENCIES
  rake-compiler (~> 0.8.3)
  vedis!
